GEM
  remote: http://rubygems.org/
  specs:
    git (1.11.0)
      rchardet (~> 1.8)
    jeweler (1.6.4)
      bundler (~> 1.0)
      git (>= 1.2.5)
      rake
    rake (0.9.2)
    rchardet (1.8.0)
    rr (1.0.4)
    rspec (1.3.2)

PLATFORMS
  ruby

DEPENDENCIES
  jeweler
  rr
  rspec (< 2.0)
