GEM
  remote: http://rubygems.org/
  specs:
    git (1.2.5)
    jeweler (1.6.4)
      bundler (~> 1.0)
      git (>= 1.2.5)
      rake
    rake (13.0.1)
    rr (1.0.4)
    rspec (1.3.2)

PLATFORMS
  ruby

DEPENDENCIES
  jeweler
  rr
  rspec (< 2.0)
